GEM
  remote: https://rubygems.org/
  specs:
    dotenv (2.8.0)
    pg (1.4.1)
    sequel (5.60.1)

PLATFORMS
  x86_64-linux

DEPENDENCIES
  dotenv
  pg
  sequel

BUNDLED WITH
   2.3.12
